GEM
  remote: http://rubygems.org/
  specs:
    actionmailer (2.3.11)
      actionpack (= 2.3.11)
    actionpack (2.3.11)
      activesupport (= 2.3.11)
      rack (~> 1.1.0)
    activerecord (2.3.11)
      activesupport (= 2.3.11)
    activeresource (2.3.11)
      activesupport (= 2.3.11)
    activesupport (2.3.11)
    authlogic (2.1.6)
      activesupport
    calendar_date_select (1.16.2)
    declarative_authorization (0.5.3)
    haml (3.1.1)
    hpricot (0.8.4)
    rack (1.1.2)
    rails (2.3.11)
      actionmailer (= 2.3.11)
      actionpack (= 2.3.11)
      activerecord (= 2.3.11)
      activeresource (= 2.3.11)
      activesupport (= 2.3.11)
      rake (>= 0.8.3)
    rake (0.9.1)
    sass (3.1.2)
    searchlogic (2.5.6)
      activerecord (~> 2.3.11)
      activerecord (~> 2.3.11)
    will_paginate (2.3.15)

PLATFORMS
  ruby

DEPENDENCIES
  authlogic
  calendar_date_select
  declarative_authorization
  haml
  hpricot
  rails (~> 2.3.11)
  sass
  searchlogic
  will_paginate
